GEM
  remote: http://rubygems.org/
  specs:
    activesupport (3.2.11)
      i18n (~> 0.6)
      multi_json (~> 1.0)
    foreman (0.60.2)
      thor (>= 0.13.6)
    i18n (0.6.1)
    isitopencoffeetomorrow (0.3.0)
      activesupport
      foreman
      i18n
      sinatra
      tzinfo
      unicorn
    kgio (2.7.4)
    multi_json (1.5.0)
    rack (1.5.1)
    rack-protection (1.3.2)
      rack
    raindrops (0.10.0)
    sinatra (1.3.4)
      rack (~> 1.4)
      rack-protection (~> 1.3)
      tilt (~> 1.3, >= 1.3.3)
    thor (0.16.0)
    tilt (1.3.3)
    tzinfo (0.3.35)
    unicorn (4.5.0)
      kgio (~> 2.6)
      rack
      raindrops (~> 0.7)

PLATFORMS
  ruby

DEPENDENCIES
  isitopencoffeetomorrow (~> 0.2)
