GEM
  remote: http://rubygems.org/
  specs:
    activesupport (3.0.5)
    haml (3.0.25)
    rack (1.2.2)
    sinatra (1.2.1)
      rack (~> 1.1)
      tilt (< 2.0, >= 1.2.2)
    tilt (1.2.2)

PLATFORMS
  ruby

DEPENDENCIES
  activesupport
  haml
  sinatra
