GEM
  remote: http://rubygems.org/
  specs:
    activesupport (3.0.5)
    bson (1.3.0)
    bson_ext (1.3.0)
    haml (3.0.25)
    i18n (0.5.0)
    mongo (1.3.0)
      bson (>= 1.3.0)
    rack (1.2.2)
    sinatra (1.2.1)
      rack (~> 1.1)
      tilt (< 2.0, >= 1.2.2)
    tilt (1.2.2)
    tzinfo (0.3.25)

PLATFORMS
  ruby

DEPENDENCIES
  activesupport
  bson
  bson_ext
  haml
  i18n
  mongo
  sinatra
  tzinfo
